NUGET
  remote: http://nuget.org/api/v2
  specs:
    FAKE (3.7.5)
    FluentAssertions (3.2.1)
    Machine.Specifications (0.8.3)
